GIT
  remote: git://github.com/AppFellas/polymer-core-rails.git
  revision: 202232dc1ed66eba00fe275b2f47e11acb86052a
  specs:
    polymer-core-rails (0.1.1)
      polymer-rails (~> 0.1.9)

GIT
  remote: git://github.com/AppFellas/polymer-facebook-login.git
  revision: ee5780457709a049e763bfc77abdeecd76bad87e
  specs:
    polymer-facebook-login (0.0.1)
      polymer-core-rails (~> 0.1.1)
      polymer-rails (~> 0.1.9)

GIT
  remote: git://github.com/AppFellas/polymer-google-analytics.git
  revision: f210aedba5b67699324a5cfa8336024434d85759
  specs:
    polymer-google-analytics (0.0.1)
      polymer-core-rails (~> 0.1.1)
      polymer-google-apis (~> 0.0.1)
      polymer-rails (~> 0.1.9)

GIT
  remote: git://github.com/AppFellas/polymer-google-apis.git
  revision: 85b63c31eb3291f44270ccdd5fd0019231ab2929
  specs:
    polymer-google-apis (0.0.1)
      polymer-core-rails (~> 0.1.1)
      polymer-rails (~> 0.1.9)

GIT
  remote: git://github.com/AppFellas/polymer-google-chart.git
  revision: d94c94936a1ca6e76e6a255d881d92a0e08a0b73
  specs:
    polymer-google-chart (0.0.1)
      polymer-core-rails (~> 0.1.1)
      polymer-google-apis (~> 0.0.1)
      polymer-rails (~> 0.1.9)

GIT
  remote: git://github.com/AppFellas/polymer-google-cloud.git
  revision: 5a5b8e3c8e0f61975d51f60da180b1b99b94be20
  specs:
    polymer-google-cloud (0.0.1)
      polymer-core-rails (~> 0.1.1)
      polymer-google-apis (~> 0.0.1)
      polymer-rails (~> 0.1.9)

GIT
  remote: git://github.com/AppFellas/polymer-google-map.git
  revision: fc119102f3e8e76725f677d679fa2ec27a4cdcf7
  specs:
    polymer-google-map (0.0.1)
      polymer-core-rails (~> 0.1.1)
      polymer-google-apis (~> 0.0.1)
      polymer-rails (~> 0.1.9)

GIT
  remote: git://github.com/AppFellas/polymer-google-streetview-pano.git
  revision: 65303f113f06e9282e71bab65ffe6b0f2bd1627b
  specs:
    polymer-google-streetview-pano (0.0.1)
      polymer-core-rails (~> 0.1.1)
      polymer-google-apis (~> 0.0.1)
      polymer-rails (~> 0.1.9)

GIT
  remote: git://github.com/AppFellas/polymer-google-url-shortener.git
  revision: bb31170068795f9492bebcf61eeb0a77758d1d08
  specs:
    polymer-google-url-shortener (0.0.1)
      polymer-core-rails (~> 0.1.1)
      polymer-google-apis (~> 0.0.1)
      polymer-rails (~> 0.1.9)

GIT
  remote: git://github.com/AppFellas/polymer-google-youtube.git
  revision: ab1750b1f5bd34500461bbca12af6895b396a3c3
  specs:
    polymer-google-youtube (0.0.1)
      polymer-core-rails (~> 0.1.1)
      polymer-google-apis (~> 0.0.1)
      polymer-rails (~> 0.1.9)

GIT
  remote: git://github.com/AppFellas/polymer-paper-rails.git
  revision: a7562f005769dc6ff8e17559ebccce9f588abf25
  specs:
    polymer-paper-rails (0.1.1)
      polymer-core-rails (~> 0.1.1)
      polymer-rails (~> 0.1.9)

GEM
  remote: https://rubygems.org/
  specs:
    actionmailer (4.1.5)
      actionpack (= 4.1.5)
      actionview (= 4.1.5)
      mail (~> 2.5.4)
    actionpack (4.1.5)
      actionview (= 4.1.5)
      activesupport (= 4.1.5)
      rack (~> 1.5.2)
      rack-test (~> 0.6.2)
    actionview (4.1.5)
      activesupport (= 4.1.5)
      builder (~> 3.1)
      erubis (~> 2.7.0)
    activemodel (4.1.5)
      activesupport (= 4.1.5)
      builder (~> 3.1)
    activerecord (4.1.5)
      activemodel (= 4.1.5)
      activesupport (= 4.1.5)
      arel (~> 5.0.0)
    activesupport (4.1.5)
      i18n (~> 0.6, >= 0.6.9)
      json (~> 1.7, >= 1.7.7)
      minitest (~> 5.1)
      thread_safe (~> 0.1)
      tzinfo (~> 1.1)
    arel (5.0.1.20140414130214)
    bson (2.3.0)
    builder (3.2.2)
    capistrano (3.2.1)
      i18n
      rake (>= 10.0.0)
      sshkit (~> 1.3)
    capistrano-bundler (1.1.3)
      capistrano (~> 3.1)
      sshkit (~> 1.2)
    capistrano-rails (1.1.1)
      capistrano (~> 3.1)
      capistrano-bundler (~> 1.1)
    coffee-rails (4.0.1)
      coffee-script (>= 2.2.0)
      railties (>= 4.0.0, < 5.0)
    coffee-script (2.3.0)
      coffee-script-source
      execjs
    coffee-script-source (1.7.1)
    colorize (0.7.3)
    connection_pool (2.0.0)
    erubis (2.7.0)
    execjs (2.2.1)
    haml (4.0.5)
      tilt
    haml-rails (0.5.3)
      actionpack (>= 4.0.1)
      activesupport (>= 4.0.1)
      haml (>= 3.1, < 5.0)
      railties (>= 4.0.1)
    hike (1.2.3)
    i18n (0.6.11)
    jbuilder (2.1.3)
      activesupport (>= 3.0.0, < 5)
      multi_json (~> 1.2)
    jquery-rails (3.1.1)
      railties (>= 3.0, < 5.0)
      thor (>= 0.14, < 2.0)
    json (1.8.1)
    libv8 (3.16.14.3)
    mail (2.5.4)
      mime-types (~> 1.16)
      treetop (~> 1.4.8)
    mime-types (1.25.1)
    minitest (5.4.0)
    mongoid (4.0.0)
      activemodel (~> 4.0)
      moped (~> 2.0.0)
      origin (~> 2.1)
      tzinfo (>= 0.3.37)
    moped (2.0.0)
      bson (~> 2.2)
      connection_pool (~> 2.0)
      optionable (~> 0.2.0)
    multi_json (1.10.1)
    net-scp (1.2.1)
      net-ssh (>= 2.6.5)
    net-ssh (2.9.1)
    optionable (0.2.0)
    origin (2.1.1)
    polyglot (0.3.5)
    polymer-rails (0.1.9)
      rails (>= 3.1.0)
    rack (1.5.2)
    rack-test (0.6.2)
      rack (>= 1.0)
    rails (4.1.5)
      actionmailer (= 4.1.5)
      actionpack (= 4.1.5)
      actionview (= 4.1.5)
      activemodel (= 4.1.5)
      activerecord (= 4.1.5)
      activesupport (= 4.1.5)
      bundler (>= 1.3.0, < 2.0)
      railties (= 4.1.5)
      sprockets-rails (~> 2.0)
    railties (4.1.5)
      actionpack (= 4.1.5)
      activesupport (= 4.1.5)
      rake (>= 0.8.7)
      thor (>= 0.18.1, < 2.0)
    rake (10.3.2)
    rdoc (4.1.1)
      json (~> 1.4)
    ref (1.0.5)
    sass (3.2.19)
    sass-rails (4.0.3)
      railties (>= 4.0.0, < 5.0)
      sass (~> 3.2.0)
      sprockets (~> 2.8, <= 2.11.0)
      sprockets-rails (~> 2.0)
    sdoc (0.4.1)
      json (~> 1.7, >= 1.7.7)
      rdoc (~> 4.0)
    spring (1.1.3)
    sprockets (2.11.0)
      hike (~> 1.2)
      multi_json (~> 1.0)
      rack (~> 1.0)
      tilt (~> 1.1, != 1.3.0)
    sprockets-rails (2.1.3)
      actionpack (>= 3.0)
      activesupport (>= 3.0)
      sprockets (~> 2.8)
    sshkit (1.5.1)
      colorize
      net-scp (>= 1.1.2)
      net-ssh (>= 2.8.0)
    therubyracer (0.12.1)
      libv8 (~> 3.16.14.0)
      ref
    thor (0.19.1)
    thread_safe (0.3.4)
    tilt (1.4.1)
    treetop (1.4.15)
      polyglot
      polyglot (>= 0.3.1)
    turbolinks (2.3.0)
      coffee-rails
    tzinfo (1.2.2)
      thread_safe (~> 0.1)
    uglifier (2.5.3)
      execjs (>= 0.3.0)
      json (>= 1.8.0)

PLATFORMS
  ruby

DEPENDENCIES
  capistrano-rails
  coffee-rails (~> 4.0.0)
  haml
  haml-rails
  jbuilder (~> 2.0)
  jquery-rails
  mongoid
  polymer-core-rails!
  polymer-facebook-login!
  polymer-google-analytics!
  polymer-google-apis!
  polymer-google-chart!
  polymer-google-cloud!
  polymer-google-map!
  polymer-google-streetview-pano!
  polymer-google-url-shortener!
  polymer-google-youtube!
  polymer-paper-rails!
  polymer-rails (~> 0.1.9)
  rails (= 4.1.5)
  sass-rails (~> 4.0.3)
  sdoc (~> 0.4.0)
  spring
  therubyracer
  turbolinks
  uglifier (>= 1.3.0)
